PATH
  remote: .
  specs:
    datahub (0.1.0)
      google-protobuf (~> 3.12, >= 3.12.2)
      nokogiri (~> 1.6)
      oj (~> 3.10, >= 3.10.6)
      typhoeus (~> 1.4)

GEM
  remote: https://rubygems.org/
  specs:
    ethon (0.12.0)
      ffi (>= 1.3.0)
    ffi (1.13.1)
    google-protobuf (3.12.2-universal-darwin)
    mini_portile2 (2.4.0)
    minitest (5.14.1)
    nokogiri (1.10.10)
      mini_portile2 (~> 2.4.0)
    oj (3.10.6)
    rake (12.3.3)
    typhoeus (1.4.0)
      ethon (>= 0.9.0)

PLATFORMS
  ruby

DEPENDENCIES
  datahub!
  minitest (~> 5.0)
  rake (~> 12.0)

BUNDLED WITH
   2.1.4
